PATH
  remote: .
  specs:
    inkcite (1.1.2)
      activesupport
      builder
      erubis
      faker
      litmus
      mail
      net-sftp
      rack
      rubyzip
      thor
      yui-compressor

GEM
  remote: https://rubygems.org/
  specs:
    activesupport (4.2.3)
      i18n (~> 0.7)
      json (~> 1.7, >= 1.7.7)
      minitest (~> 5.1)
      thread_safe (~> 0.3, >= 0.3.4)
      tzinfo (~> 1.1)
    builder (3.2.2)
    erubis (2.7.0)
    faker (1.4.3)
      i18n (~> 0.5)
    gem-release (0.7.3)
    httparty (0.13.5)
      json (~> 1.8)
      multi_xml (>= 0.5.2)
    i18n (0.7.0)
    json (1.8.3)
    litmus (0.4.0)
      httparty (>= 0.6.1)
      httparty (>= 0.6.1)
    mail (2.6.3)
      mime-types (>= 1.16, < 3)
    mime-types (2.6.1)
    minitest (5.7.0)
    multi_xml (0.5.5)
    net-sftp (2.1.2)
      net-ssh (>= 2.6.5)
    net-ssh (2.9.2)
    rack (1.6.4)
    rake (10.4.2)
    rubyzip (1.1.7)
    thor (0.19.1)
    thread_safe (0.3.5)
    tzinfo (1.2.2)
      thread_safe (~> 0.1)
    yui-compressor (0.12.0)

PLATFORMS
  ruby

DEPENDENCIES
  bundler (~> 1.1)
  gem-release
  inkcite!
  minitest
  rake
